STORAGE: NONE
RESTRICTION: || (== net461) (== netstandard2.0)
NUGET
  remote: https://api.nuget.org/v3/index.json
    FSharp.Core (4.3.4)
    FSharp.Data (3.3.3)
      FSharp.Core (>= 4.0.0.1) - restriction: || (== net461) (&& (== netstandard2.0) (>= net45))
      FSharp.Core (>= 4.3.4) - restriction: || (&& (== net461) (< net45) (>= netstandard2.0)) (== netstandard2.0)
    HtmlAgilityPack (1.11.29)
    WebSharper (4.7.0.423)
      FSharp.Core (>= 4.2.3)
    WebSharper.Charting (4.7.0.272)
      WebSharper (>= 4.7 < 4.8)
      WebSharper.ChartJs (>= 4.7 < 4.8)
      WebSharper.Reactive (>= 4.7 < 4.8)
      WebSharper.UI (>= 4.7 < 4.8)
    WebSharper.ChartJs (4.7.0.181)
      WebSharper (>= 4.7 < 4.8)
    WebSharper.FSharp (4.7.0.423)
      WebSharper (4.7.0.423)
    WebSharper.Reactive (4.7.0.170)
      WebSharper (>= 4.7 < 4.8)
    WebSharper.UI (4.7.0.231)
      HtmlAgilityPack (>= 1.7.1)
      WebSharper (>= 4.7 < 4.8)

GROUP wsbuild

GIT
  remote: https://github.com/dotnet-websharper/build-script
     (7155f2cb840374092cbe8eb2c8f1399c5c97f4af)