STORAGE: NONE
RESTRICTION: == net461
NUGET
  remote: https://api.nuget.org/v3/index.json
    FSharp.Data (2.4.6)
    HtmlAgilityPack (1.8.5)
    System.Xml.XDocument (4.3)
  remote: https://nuget.intellifactory.com/nuget
    WebSharper (4.4.0.280)
    WebSharper.Charting (4.4.0.214)
      WebSharper (>= 4.4 < 4.5)
      WebSharper.ChartJs (>= 4.4 < 4.5)
      WebSharper.Reactive (>= 4.4 < 4.5)
      WebSharper.UI (>= 4.4 < 4.5)
    WebSharper.ChartJs (4.4.0.134)
      WebSharper (>= 4.4 < 4.5)
    WebSharper.FSharp (4.4.0.280)
      WebSharper (4.4.0.280)
    WebSharper.Reactive (4.4.0.125)
      WebSharper (>= 4.4 < 4.5)
    WebSharper.UI (4.4.0.131)
      HtmlAgilityPack (>= 1.7.1)
      System.Xml.XDocument (>= 4.3)
      WebSharper (>= 4.4 < 4.5)

GROUP build
RESTRICTION: == net45
NUGET
  remote: https://api.nuget.org/v3/index.json
    Chessie (0.6)
      FSharp.Core
    FAKE (5.1)
    FSharp.Compiler.Tools (10.0.2)
    FSharp.Core (4.5)
    Mono.Cecil (0.10)
    Newtonsoft.Json (11.0.2)
    Paket.Core (5.141)
      Chessie (>= 0.6)
      FSharp.Compiler.Tools
      FSharp.Core
      Mono.Cecil (>= 0.10.0-beta6)
      Newtonsoft.Json

GROUP wsbuild

GIT
  remote: https://github.com/dotnet-websharper/build-script
     (d57d7d132dbd715f9d3c0d942e845d76039a0470)