STORAGE: NONE
RESTRICTION: == net461
NUGET
  remote: https://api.nuget.org/v3/index.json
    FSharp.Data (2.4.5)
    HtmlAgilityPack (1.6.17)
    System.Xml.XDocument (4.3)
  remote: https://nuget.intellifactory.com/nuget
    WebSharper (4.2.3.236)
    WebSharper.Charting (4.2.1.177)
      WebSharper (>= 4.2.3 < 4.3)
      WebSharper.ChartJs (>= 4.2.1 < 4.3)
      WebSharper.Reactive (>= 4.2 < 4.3)
      WebSharper.UI (>= 4.2.1 < 4.3)
    WebSharper.ChartJs (4.2.1.123)
      WebSharper (>= 4.2.3 < 4.3)
    WebSharper.FSharp (4.2.3.236)
      WebSharper (4.2.3.236)
    WebSharper.Reactive (4.2.0.114)
      WebSharper (>= 4.2.3 < 4.3)
    WebSharper.UI (4.2.1.86)
      HtmlAgilityPack (>= 1.6.15 < 1.7)
      System.Xml.XDocument (>= 4.3 < 5.0)
      WebSharper (>= 4.2.3 < 4.3)

GROUP build
RESTRICTION: == net45
NUGET
  remote: https://api.nuget.org/v3/index.json
    Chessie (0.6)
      FSharp.Core
    FAKE (4.64.6)
    FSharp.Compiler.Tools (10.0.1)
    FSharp.Core (4.3.4)
    Mono.Cecil (0.10.0-beta7)
    Newtonsoft.Json (11.0.1)
    Paket.Core (5.141)
      Chessie (>= 0.6)
      FSharp.Compiler.Tools
      FSharp.Core
      Mono.Cecil (>= 0.10.0-beta6)
      Newtonsoft.Json

GROUP wsbuild

GIT
  remote: https://github.com/dotnet-websharper/build-script
     (7daa4afa9ec361e6dd20bd2ac05b76def2e58f87)