STORAGE: NONE
RESTRICTION: == net461
NUGET
  remote: https://api.nuget.org/v3/index.json
    FSharp.Core (4.2.3)
    FSharp.Data (2.4.6)
    HtmlAgilityPack (1.8.7)
    System.Xml.XDocument (4.3)
  remote: https://daily.websharper.com/nuget
    WebSharper (4.5.2.309)
    WebSharper.Charting (4.5.0.224)
      WebSharper (>= 4.5.2 < 4.6)
      WebSharper.ChartJs (>= 4.5.1 < 4.6)
      WebSharper.Reactive (>= 4.5 < 4.6)
      WebSharper.UI (>= 4.5.2 < 4.6)
    WebSharper.ChartJs (4.5.1.142)
      WebSharper (>= 4.5.2 < 4.6)
    WebSharper.FSharp (4.5.2.309)
      WebSharper (4.5.2.309)
    WebSharper.Reactive (4.5.0.132)
      WebSharper (>= 4.5.2 < 4.6)
    WebSharper.UI (4.5.2.145)
      HtmlAgilityPack (>= 1.7.1)
      System.Xml.XDocument (>= 4.3)
      WebSharper (>= 4.5.2 < 4.6)

GROUP build
RESTRICTION: == net45
NUGET
  remote: https://api.nuget.org/v3/index.json
    Chessie (0.6)
      FSharp.Core
    FAKE (5.3)
    FSharp.Compiler.Tools (10.0.2)
    FSharp.Core (4.5.2)
    Mono.Cecil (0.10)
    Newtonsoft.Json (11.0.2)
    Paket.Core (5.141)
      Chessie (>= 0.6)
      FSharp.Compiler.Tools
      FSharp.Core
      Mono.Cecil (>= 0.10.0-beta6)
      Newtonsoft.Json

GROUP wsbuild

GIT
  remote: https://github.com/dotnet-websharper/build-script
     (e000569985e43f3129ad07b2f559314d080cfa9e)