STORAGE: NONE
RESTRICTION: == net461
NUGET
  remote: https://api.nuget.org/v3/index.json
    FSharp.Data (2.4.6)
    HtmlAgilityPack (1.8.1)
    System.Xml.XDocument (4.3)
    WebSharper.ChartJs (4.2.2.126)
      WebSharper (>= 4.2.4 < 4.3)
    WebSharper.Reactive (4.2.0.117)
      WebSharper (>= 4.2.4 < 4.3)
  remote: https://nuget.intellifactory.com/nuget
    WebSharper (4.2.9.256)
    WebSharper.Charting (4.2.1.198)
      WebSharper (>= 4.2.9 < 4.3)
      WebSharper.ChartJs (>= 4.2.2 < 4.3)
      WebSharper.Reactive (>= 4.2 < 4.3)
      WebSharper.UI (>= 4.2.6 < 4.3)
    WebSharper.FSharp (4.2.9.256)
      WebSharper (4.2.9.256)
    WebSharper.UI (4.2.6.117)
      HtmlAgilityPack (>= 1.7.1)
      System.Xml.XDocument (>= 4.3)
      WebSharper (>= 4.2.9 < 4.3)

GROUP build
RESTRICTION: == net45
NUGET
  remote: https://api.nuget.org/v3/index.json
    Chessie (0.6)
      FSharp.Core
    FAKE (4.64.6)
    FSharp.Compiler.Tools (10.0.1)
    FSharp.Core (4.3.4)
    Mono.Cecil (0.10.0-beta7)
    Newtonsoft.Json (11.0.1)
    Paket.Core (5.141)
      Chessie (>= 0.6)
      FSharp.Compiler.Tools
      FSharp.Core
      Mono.Cecil (>= 0.10.0-beta6)
      Newtonsoft.Json

GROUP wsbuild

GIT
  remote: https://github.com/dotnet-websharper/build-script
     (1fde3d5c3233c63777f1ec9154ddd2e03b8a5530)