STORAGE: NONE
RESTRICTION: || (== net461) (== netstandard2.0)
NUGET
  remote: https://api.nuget.org/v3/index.json
    FSharp.Core (4.3.4)
    FSharp.Data (3.3.3)
      FSharp.Core (>= 4.0.0.1) - restriction: || (== net461) (&& (== netstandard2.0) (>= net45))
      FSharp.Core (>= 4.3.4) - restriction: || (&& (== net461) (< net45) (>= netstandard2.0)) (== netstandard2.0)
    HtmlAgilityPack (1.11.28)
  remote: https://daily.websharper.com/nuget
    WebSharper (4.7.0.423)
      FSharp.Core (>= 4.2.3)
    WebSharper.Charting (4.7.0.272)
      WebSharper (>= 4.7 < 4.8)
      WebSharper.ChartJs (>= 4.7 < 4.8)
      WebSharper.Reactive (>= 4.7 < 4.8)
      WebSharper.UI (>= 4.7 < 4.8)
    WebSharper.ChartJs (4.7.0.181)
      WebSharper (>= 4.7 < 4.8)
    WebSharper.FSharp (4.7.0.423)
      WebSharper (4.7.0.423)
    WebSharper.Reactive (4.7.0.170)
      WebSharper (>= 4.7 < 4.8)
    WebSharper.UI (4.7.0.231)
      HtmlAgilityPack (>= 1.7.1)
      WebSharper (>= 4.7 < 4.8)

GROUP build
RESTRICTION: == net45
NUGET
  remote: https://api.nuget.org/v3/index.json
    Chessie (0.6)
      FSharp.Core
    FAKE (5.16)
    FSharp.Compiler.Tools (10.2.3)
    FSharp.Core (5.0)
    Mono.Cecil (0.11.3)
    Newtonsoft.Json (12.0.3)
    Paket.Core (5.141)
      Chessie (>= 0.6)
      FSharp.Compiler.Tools
      FSharp.Core
      Mono.Cecil (>= 0.10.0-beta6)
      Newtonsoft.Json

GROUP wsbuild

GIT
  remote: https://github.com/dotnet-websharper/build-script
     (90eb54d1b2a21f568f22409b47814a7cf215900d)